{
    "Modality": "MR",
    "MagneticFieldStrength": 6.98,
    "ImagingFrequency": 297.17,
    "Manufacturer": "Siemens",
    "ManufacturersModelName": "Investigational_Device_7T",
    "InstitutionName": "BMMR",
    "InstitutionalDepartmentName": "Department",
    "InstitutionAddress": "Leipziger Str. 44,Magdeburg,District,DE,39120",
    "DeviceSerialNumber": "18918",
    "StationName": "PCR7T1-15",
    "PatientPosition": "HFS",
    "ProcedureStepDescription": "Luesebrink^Pilots",
    "SoftwareVersions": "syngo MR B17",
    "MRAcquisitionType": "3D",
    "SeriesDescription": "hmT1_0.8iso_iPat2",
    "ProtocolName": "hmT1_0.8iso_iPat2",
    "ScanningSequence": "GR\\IR",
    "SequenceVariant": "SP\\MP",
    "ScanOptions": "IR",
    "SequenceName": "tfl3d1_ns",
    "ImageType": [
        "ORIGINAL",
        "PRIMARY",
        "M",
        "ND"
    ],
    "NonlinearGradientCorrection": false,
    "SeriesNumber": 44,
    "AcquisitionTime": "12:06:9.010000",
    "AcquisitionNumber": 1,
    "SliceThickness": 0.8,
    "SAR": 0.141814,
    "EchoTime": 0.00245,
    "RepetitionTime": 2.5,
    "InversionTime": 1.05,
    "FlipAngle": 5,
    "PartialFourier": 1,
    "BaseResolution": 272,
    "ShimSetting": [
        11,
        -2,
        954,
        265,
        -11,
        -1026,
        -24,
        233
    ],
    "TxRefAmp": 254,
    "PhaseResolution": 1,
    "ReceiveCoilName": "32Ch_Head_7T",
    "CoilString": "C:A32",
    "PulseSequenceDetails": "%CustomerSeq%\\xpace_tfl_20170101",
    "RefLinesPE": 32,
    "CoilCombinationMethod": "Adaptive Combine",
    "MatrixCoilMode": "GRAPPA",
    "PercentPhaseFOV": 100,
    "PercentSampling": 100,
    "PhaseEncodingSteps": 271,
    "AcquisitionMatrixPE": 272,
    "ReconMatrixPE": 272,
    "ParallelReductionFactorInPlane": 2,
    "PixelBandwidth": 322,
    "DwellTime": 5.7e-06,
    "ImageOrientationPatientDICOM": [
        -0.00269262,
        0.99761,
        -0.0690482,
        -0.0122761,
        -0.0690762,
        -0.997536
    ],
    "ImageOrientationText": "Sag>Tra(0.7)>Cor(-0.1)",
    "InPlanePhaseEncodingDirectionDICOM": "ROW",
    "ConversionSoftware": "dcm2niix",
    "ConversionSoftwareVersion": "v1.0.20220720",
    "Dcm2bidsVersion": "2.1.6"
}