{
    "Modality": "MR",
    "MagneticFieldStrength": 6.98,
    "ImagingFrequency": 297.17,
    "Manufacturer": "Siemens",
    "ManufacturersModelName": "Investigational_Device_7T",
    "InstitutionName": "BMMR",
    "InstitutionalDepartmentName": "Department",
    "InstitutionAddress": "Leipziger Str. 44,Magdeburg,District,DE,39120",
    "DeviceSerialNumber": "18918",
    "StationName": "PCR7T1-15",
    "PatientPosition": "HFS",
    "ProcedureStepDescription": "Luesebrink^Pilots",
    "SoftwareVersions": "syngo MR B17",
    "MRAcquisitionType": "2D",
    "SeriesDescription": "fg_ep2d_bold_0.9iso_p4_TR2_MoCo_ZF_DiCo",
    "ProtocolName": "fg_ep2d_bold_0.9iso_p4_TR2_MoCo_ZF",
    "ScanningSequence": "EP",
    "SequenceVariant": "SK\\SP",
    "ScanOptions": "PFP\\FS",
    "SequenceName": "epfid2d1_222",
    "ImageType": [
        "ORIGINAL",
        "PRIMARY",
        "M",
        "ND",
        "DICO",
        "MOSAIC"
    ],
    "NonlinearGradientCorrection": false,
    "SeriesNumber": 34,
    "AcquisitionTime": "15:21:4.362500",
    "AcquisitionNumber": 1,
    "ImageComments": "DiCo Applied",
    "SliceThickness": 0.9,
    "SpacingBetweenSlices": 0.9,
    "SAR": 0.0814054,
    "EchoTime": 0.02,
    "RepetitionTime": 2,
    "SpoilingState": true,
    "FlipAngle": 76,
    "PartialFourier": 0.625,
    "BaseResolution": 222,
    "ShimSetting": [
        65,
        -309,
        739,
        -230,
        342,
        -482,
        -66,
        301
    ],
    "TxRefAmp": 232,
    "PhaseResolution": 1,
    "ReceiveCoilName": "32Ch_Head_7T",
    "CoilString": "C:A32",
    "PulseSequenceDetails": "%CustomerSeq%\\fg_ep2d_xpace",
    "RefLinesPE": 64,
    "CoilCombinationMethod": "Sum of Squares",
    "MatrixCoilMode": "GRAPPA",
    "PercentPhaseFOV": 100,
    "PercentSampling": 100,
    "PhaseEncodingSteps": 137,
    "AcquisitionMatrixPE": 222,
    "ReconMatrixPE": 222,
    "BandwidthPerPixelPhaseEncode": 16.683,
    "ParallelReductionFactorInPlane": 4,
    "EffectiveEchoSpacing": 0.000270006,
    "DerivedVendorReportedEchoSpacing": 0.00108002,
    "TotalReadoutTime": 0.0596713,
    "PixelBandwidth": 1073,
    "DwellTime": 2.1e-06,
    "PhaseEncodingDirection": "j-",
    "SliceTiming": [
        1.005,
        0,
        1.0725,
        0.0675,
        1.1375,
        0.135,
        1.205,
        0.2025,
        1.2725,
        0.2675,
        1.34,
        0.335,
        1.405,
        0.4025,
        1.4725,
        0.47,
        1.54,
        0.535,
        1.6075,
        0.6025,
        1.675,
        0.67,
        1.74,
        0.7375,
        1.8075,
        0.805,
        1.875,
        0.87,
        1.9425,
        0.9375
    ],
    "ImageOrientationPatientDICOM": [
        0.999993,
        0.00131279,
        0.00361732,
        -0.000493477,
        0.975996,
        -0.217786
    ],
    "ImageOrientationText": "Tra>Cor(-12.6)>Sag(0.2)",
    "InPlanePhaseEncodingDirectionDICOM": "COL",
    "ConversionSoftware": "dcm2niix",
    "ConversionSoftwareVersion": "v1.0.20220720",
    "Dcm2bidsVersion": "2.1.6"
}