{
    "Modality": "MR",
    "MagneticFieldStrength": 6.98,
    "ImagingFrequency": 297.17,
    "Manufacturer": "Siemens",
    "ManufacturersModelName": "Investigational_Device_7T",
    "InstitutionName": "BMMR",
    "InstitutionalDepartmentName": "Department",
    "InstitutionAddress": "Leipziger Str. 44,Magdeburg,District,DE,39120",
    "DeviceSerialNumber": "18918",
    "StationName": "PCR7T1-15",
    "PatientPosition": "HFS",
    "ProcedureStepDescription": "Luesebrink^Pilots",
    "SoftwareVersions": "syngo MR B17",
    "MRAcquisitionType": "2D",
    "SeriesDescription": "fg_ep2d_bold_0.9iso_p4_TR2_MoCo_ZF_DiCo",
    "ProtocolName": "fg_ep2d_bold_0.9iso_p4_TR2_MoCo_ZF",
    "ScanningSequence": "EP",
    "SequenceVariant": "SK\\SP",
    "ScanOptions": "PFP\\FS",
    "SequenceName": "epfid2d1_222",
    "ImageType": [
        "ORIGINAL",
        "PRIMARY",
        "M",
        "ND",
        "DICO",
        "MOSAIC"
    ],
    "NonlinearGradientCorrection": false,
    "SeriesNumber": 66,
    "AcquisitionTime": "12:52:37.832500",
    "AcquisitionNumber": 1,
    "ImageComments": "DiCo Applied",
    "SliceThickness": 0.9,
    "SpacingBetweenSlices": 0.9,
    "SAR": 0.102002,
    "EchoTime": 0.02,
    "RepetitionTime": 2,
    "SpoilingState": true,
    "FlipAngle": 76,
    "PartialFourier": 0.625,
    "BaseResolution": 222,
    "ShimSetting": [
        20,
        -319,
        649,
        -209,
        217,
        -514,
        81,
        207
    ],
    "TxRefAmp": 260,
    "PhaseResolution": 1,
    "ReceiveCoilName": "32Ch_Head_7T",
    "CoilString": "C:A32",
    "PulseSequenceDetails": "%CustomerSeq%\\fg_ep2d_xpace",
    "RefLinesPE": 64,
    "CoilCombinationMethod": "Sum of Squares",
    "MatrixCoilMode": "GRAPPA",
    "PercentPhaseFOV": 100,
    "PercentSampling": 100,
    "PhaseEncodingSteps": 137,
    "AcquisitionMatrixPE": 222,
    "ReconMatrixPE": 222,
    "BandwidthPerPixelPhaseEncode": 16.683,
    "ParallelReductionFactorInPlane": 4,
    "EffectiveEchoSpacing": 0.000270006,
    "DerivedVendorReportedEchoSpacing": 0.00108002,
    "TotalReadoutTime": 0.0596713,
    "PixelBandwidth": 1073,
    "DwellTime": 2.1e-06,
    "PhaseEncodingDirection": "j-",
    "SliceTiming": [
        1.0025,
        0,
        1.07,
        0.0675,
        1.1375,
        0.1325,
        1.205,
        0.2,
        1.2725,
        0.2675,
        1.3375,
        0.335,
        1.405,
        0.4,
        1.4725,
        0.4675,
        1.54,
        0.535,
        1.605,
        0.6025,
        1.6725,
        0.67,
        1.74,
        0.735,
        1.8075,
        0.8025,
        1.8725,
        0.87,
        1.94,
        0.9375
    ],
    "ImageOrientationPatientDICOM": [
        0.999493,
        0.0140719,
        -0.0285738,
        -0.0191908,
        0.98205,
        -0.187644
    ],
    "ImageOrientationText": "Tra>Cor(-10.8)>Sag(-1.5)",
    "InPlanePhaseEncodingDirectionDICOM": "COL",
    "ConversionSoftware": "dcm2niix",
    "ConversionSoftwareVersion": "v1.0.20220720",
    "Dcm2bidsVersion": "2.1.6"
}