{
    "Modality": "MR",
    "MagneticFieldStrength": 6.98,
    "ImagingFrequency": 297.17,
    "Manufacturer": "Siemens",
    "ManufacturersModelName": "Investigational_Device_7T",
    "InstitutionName": "BMMR",
    "InstitutionalDepartmentName": "Department",
    "InstitutionAddress": "Leipziger Str. 44,Magdeburg,District,DE,39120",
    "DeviceSerialNumber": "18918",
    "StationName": "PCR7T1-15",
    "PatientPosition": "HFS",
    "ProcedureStepDescription": "Luesebrink^Pilots",
    "SoftwareVersions": "syngo MR B17",
    "MRAcquisitionType": "3D",
    "SeriesDescription": "hmT1_0.8iso_iPat2",
    "ProtocolName": "hmT1_0.8iso_iPat2",
    "ScanningSequence": "GR\\IR",
    "SequenceVariant": "SP\\MP",
    "ScanOptions": "IR",
    "SequenceName": "tfl3d1_ns",
    "ImageType": [
        "ORIGINAL",
        "PRIMARY",
        "M",
        "ND"
    ],
    "NonlinearGradientCorrection": false,
    "SeriesNumber": 6,
    "AcquisitionTime": "09:38:36.055000",
    "AcquisitionNumber": 1,
    "SliceThickness": 0.8,
    "SAR": 0.111489,
    "EchoTime": 0.00245,
    "RepetitionTime": 2.5,
    "InversionTime": 1.05,
    "FlipAngle": 5,
    "PartialFourier": 1,
    "BaseResolution": 272,
    "ShimSetting": [
        23,
        -81,
        885,
        427,
        237,
        -210,
        59,
        136
    ],
    "TxRefAmp": 237,
    "PhaseResolution": 1,
    "ReceiveCoilName": "32Ch_Head_7T",
    "CoilString": "C:A32",
    "PulseSequenceDetails": "%CustomerSeq%\\xpace_tfl_20170101",
    "RefLinesPE": 32,
    "CoilCombinationMethod": "Adaptive Combine",
    "MatrixCoilMode": "GRAPPA",
    "PercentPhaseFOV": 100,
    "PercentSampling": 100,
    "PhaseEncodingSteps": 271,
    "AcquisitionMatrixPE": 272,
    "ReconMatrixPE": 272,
    "ParallelReductionFactorInPlane": 2,
    "PixelBandwidth": 322,
    "DwellTime": 5.7e-06,
    "ImageOrientationPatientDICOM": [
        -0.0529199,
        0.998362,
        -0.0217602,
        -0.0475392,
        -0.0242848,
        -0.998574
    ],
    "ImageOrientationText": "Sag>Cor(-3.0)>Tra(2.8)",
    "InPlanePhaseEncodingDirectionDICOM": "ROW",
    "ConversionSoftware": "dcm2niix",
    "ConversionSoftwareVersion": "v1.0.20220720",
    "Dcm2bidsVersion": "2.1.6"
}